GEM
  remote: http://rubygems.org/
  remote: http://gemcutter.org/
  specs:
    actionmailer (3.1.0.rc5)
      actionpack (= 3.1.0.rc5)
      mail (~> 2.3.0)
    actionpack (3.1.0.rc5)
      activemodel (= 3.1.0.rc5)
      activesupport (= 3.1.0.rc5)
      builder (~> 3.0.0)
      erubis (~> 2.7.0)
      i18n (~> 0.6)
      rack (~> 1.3.1)
      rack-cache (~> 1.0.2)
      rack-mount (~> 0.8.1)
      rack-test (~> 0.6.0)
      sprockets (~> 2.0.0.beta.12)
    activemodel (3.1.0.rc5)
      activesupport (= 3.1.0.rc5)
      bcrypt-ruby (~> 2.1.4)
      builder (~> 3.0.0)
      i18n (~> 0.6)
    activerecord (3.1.0.rc5)
      activemodel (= 3.1.0.rc5)
      activesupport (= 3.1.0.rc5)
      arel (~> 2.1.4)
      tzinfo (~> 0.3.29)
    activeresource (3.1.0.rc5)
      activemodel (= 3.1.0.rc5)
      activesupport (= 3.1.0.rc5)
    activesupport (3.1.0.rc5)
      multi_json (~> 1.0)
    addressable (2.2.6)
    ansi (1.3.0)
    archive-tar-minitar (0.5.2)
    arel (2.1.4)
    bcrypt-ruby (2.1.4)
    bson (1.3.1)
    bson_ext (1.3.1)
    builder (3.0.0)
    coffee-rails (3.1.0.rc.5)
      actionpack (~> 3.1.0.rc1)
      coffee-script (>= 2.2.0)
      railties (~> 3.1.0.rc1)
      sprockets (>= 2.0.0.beta.9)
    coffee-script (2.2.0)
      coffee-script-source
      execjs
    coffee-script-source (1.1.2)
    columnize (0.3.4)
    erubis (2.7.0)
    execjs (1.2.4)
      multi_json (~> 1.0)
    faraday (0.6.1)
      addressable (~> 2.2.4)
      multipart-post (~> 1.1.0)
      rack (< 2, >= 1.1.0)
    faraday_middleware (0.6.5)
      faraday (~> 0.6.0)
    hashie (1.0.0)
    hike (1.2.0)
    i18n (0.6.0)
    jquery-rails (1.0.13)
      railties (~> 3.0)
      thor (~> 0.14)
    json (1.6.0)
    libv8 (3.3.10.2)
    linecache19 (0.5.12)
      ruby_core_source (>= 0.1.4)
    mail (2.3.0)
      i18n (>= 0.4.0)
      mime-types (~> 1.16)
      treetop (~> 1.4.8)
    meta_on_rails (1.1.0)
      actionpack
      activesupport
      rails
    mime-types (1.16)
    mongo (1.3.1)
      bson (>= 1.3.1)
    mongoid (2.1.7)
      activemodel (~> 3.0)
      mongo (~> 1.3)
      tzinfo (~> 0.3.22)
    multi_json (1.0.3)
    multi_xml (0.2.2)
    multipart-post (1.1.3)
    nokogiri (1.5.0)
    oa-core (0.0.5)
      rack (~> 1.1)
    oa-oauth (0.0.1)
      json
      nokogiri
      oa-core (~> 0.0.0)
      oauth
      oauth2
    oa-openid (0.0.5)
      oa-core (= 0.0.5)
      rack-openid (~> 1.1.1)
      ruby-openid-apps-discovery
    oauth (0.4.5)
    oauth2 (0.5.0)
      faraday (>= 0.6.1, < 0.8)
      multi_json (~> 1.0.0)
    omniauth (0.0.1)
      oa-core (~> 0.0.0)
      oa-oauth (~> 0.0.0)
      oa-openid (~> 0.0.0)
    polyglot (0.3.2)
    rack (1.3.2)
    rack-cache (1.0.2)
      rack (>= 0.4)
    rack-mount (0.8.2)
      rack (>= 1.0.0)
    rack-openid (1.1.2)
      rack (>= 0.4)
      ruby-openid (>= 2.0.3)
    rack-ssl (1.3.2)
      rack
    rack-test (0.6.1)
      rack (>= 1.0)
    rails (3.1.0.rc5)
      actionmailer (= 3.1.0.rc5)
      actionpack (= 3.1.0.rc5)
      activerecord (= 3.1.0.rc5)
      activeresource (= 3.1.0.rc5)
      activesupport (= 3.1.0.rc5)
      bundler (~> 1.0)
      railties (= 3.1.0.rc5)
    rails_autolink (1.0.2)
      rails (~> 3.1.0.a)
    railties (3.1.0.rc5)
      actionpack (= 3.1.0.rc5)
      activesupport (= 3.1.0.rc5)
      rack-ssl (~> 1.3.2)
      rake (>= 0.8.7)
      rdoc (~> 3.4)
      thor (~> 0.14.6)
    rake (0.9.2)
    rdoc (3.9.2)
    ruby-debug-base19 (0.11.25)
      columnize (>= 0.3.1)
      linecache19 (>= 0.5.11)
      ruby_core_source (>= 0.1.4)
    ruby-debug19 (0.11.6)
      columnize (>= 0.3.1)
      linecache19 (>= 0.5.11)
      ruby-debug-base19 (>= 0.11.19)
    ruby-openid (2.1.8)
    ruby-openid-apps-discovery (1.2.0)
      ruby-openid (>= 2.1.7)
    ruby_core_source (0.1.5)
      archive-tar-minitar (>= 0.5.2)
    sass (3.1.7)
    sass-rails (3.1.0.rc.5)
      actionpack (~> 3.1.0.rc1)
      railties (~> 3.1.0.rc1)
      sass (>= 3.1.4)
      sprockets (>= 2.0.0.beta.9)
    simple_oauth (0.1.5)
    sprockets (2.0.0.beta.13)
      hike (~> 1.2)
      rack (~> 1.0)
      tilt (!= 1.3.0, ~> 1.1)
    therubyracer (0.9.3)
      libv8 (~> 3.3.10)
    thor (0.14.6)
    tilt (1.3.2)
    treetop (1.4.10)
      polyglot
      polyglot (>= 0.3.1)
    turn (0.8.2)
      ansi (>= 1.2.2)
    twitter (1.6.0)
      faraday (~> 0.6.1)
      faraday_middleware (~> 0.6.3)
      hashie (~> 1.0.0)
      multi_json (~> 1.0.0)
      multi_xml (~> 0.2.0)
      simple_oauth (~> 0.1.5)
    tzinfo (0.3.29)
    uglifier (1.0.1)
      execjs (>= 0.3.0)
      multi_json (>= 1.0.2)

PLATFORMS
  ruby

DEPENDENCIES
  bson_ext
  builder
  coffee-rails (~> 3.1.0.rc)
  execjs
  jquery-rails (>= 1.0.12)
  meta_on_rails
  mongoid
  omniauth
  rails (= 3.1.0.rc5)
  rails_autolink
  ruby-debug19
  sass-rails (~> 3.1.0.rc)
  therubyracer
  turn
  twitter
  uglifier
